PATH
  remote: .
  specs:
    hetzner-api (1.0.0)
      httparty
      thor

GEM
  remote: http://rubygems.org/
  specs:
    aruba (0.2.3)
      background_process
      cucumber (~> 0.9.0)
    autotest (4.2.10)
    autotest-growl (0.2.4)
      autotest (>= 4.2.4)
    background_process (1.2)
    builder (2.1.2)
    crack (0.1.8)
    cucumber (0.9.2)
      builder (~> 2.1.2)
      diff-lcs (~> 1.1.2)
      gherkin (~> 2.2.5)
      json (~> 1.4.6)
      term-ansicolor (~> 1.0.5)
    diff-lcs (1.1.2)
    fakeweb (1.3.0)
    gherkin (2.2.8)
      json (~> 1.4.6)
      term-ansicolor (~> 1.0.5)
    httparty (0.6.1)
      crack (= 0.1.8)
    json (1.4.6)
    rspec (2.0.0.rc)
      rspec-core (= 2.0.0.rc)
      rspec-expectations (= 2.0.0.rc)
      rspec-mocks (= 2.0.0.rc)
    rspec-core (2.0.0.rc)
    rspec-expectations (2.0.0.rc)
      diff-lcs (>= 1.1.2)
    rspec-mocks (2.0.0.rc)
      rspec-core (= 2.0.0.rc)
      rspec-expectations (= 2.0.0.rc)
    term-ansicolor (1.0.5)
    thor (0.14.3)

PLATFORMS
  ruby

DEPENDENCIES
  aruba
  autotest
  autotest-growl
  bundler (>= 1.0.2)
  cucumber
  fakeweb
  hetzner-api!
  httparty
  rspec (~> 2.0.0.rc)
  thor
